GEM
  remote: https://rubygems.org/
  specs:
    breakpoint (1.3)
      compass (>= 0.12.1)
      sass (>= 3.2.0)
    chunky_png (1.2.6)
    compass (0.12.2)
      chunky_png (~> 1.2)
      fssm (>= 0.2.7)
      sass (~> 3.1)
    fssm (0.2.9)
    modular-scale (1.0.2)
      compass (>= 0.11.5)
      sassy-math (>= 1.2)
    respond-to (2.6)
      breakpoint (>= 1.3)
    sass (3.2.3)
    sassy-math (1.2)
      compass (~> 0.11)
    singularitygs (0.0.17)
      breakpoint (>= 1.1.1)
      compass (>= 0.12.2)
      modular-scale (>= 1.0.2)
      sass (>= 3.2.1)
    susy (1.0.4)
      compass (>= 0.12.2)
      sass (>= 3.2.0)
    toolkit (0.1.9)
      compass (>= 0.12.1)
      respond-to (>= 2.0.2)
      singularitygs (>= 0.0.8)
      susy (>= 1.0.rc.0)

PLATFORMS
  x86-mingw32

DEPENDENCIES
  compass
  susy
  toolkit
